GIT
  remote: git://github.com/equivalent/virus_scan_service.git
  revision: af34812d6361e9448507d6e9f86eb417b3f003a0
  specs:
    virus_scan_service (0.0.7)

GEM
  remote: https://rubygems.org/
  specs:

PLATFORMS
  ruby

DEPENDENCIES
  virus_scan_service!
