GEM
  remote: https://rubygems.org/
  specs:
    virus_scan_service (0.0.8)

PLATFORMS
  ruby

DEPENDENCIES
  virus_scan_service (~> 0.0.8)
