GIT
  remote: git://github.com/equivalent/virus_scan_service.git
  revision: e7a9de5e6b3e161fbf493589efa7a92b05aefc33
  specs:
    virus_scan_service (0.0.3)

GEM
  remote: https://rubygems.org/
  specs:

PLATFORMS
  ruby

DEPENDENCIES
  virus_scan_service!
