GIT
  remote: git://github.com/equivalent/virus_scan_service.git
  revision: 135a94b6376765543e96517b930d5d5d873b89d1
  specs:
    virus_scan_service (0.0.6)

GEM
  remote: https://rubygems.org/
  specs:

PLATFORMS
  ruby

DEPENDENCIES
  virus_scan_service!
