GIT
  remote: git://github.com/equivalent/virus_scan_service.git
  revision: 60623386ad61ad19976fa610aed0abeec1e63488
  specs:
    virus_scan_service (0.0.4)

GEM
  remote: https://rubygems.org/
  specs:

PLATFORMS
  ruby

DEPENDENCIES
  virus_scan_service!
