GIT
  remote: git://github.com/equivalent/virus_scan_service.git
  revision: a827097985dcc59b93091d2f066aca0a25643eac
  specs:
    virus_scan_service (0.0.2)

GEM
  remote: https://rubygems.org/
  specs:

PLATFORMS
  ruby

DEPENDENCIES
  virus_scan_service!
