GIT
  remote: git://github.com/equivalent/virus_scan_service.git
  revision: 2b1ce631782ff070a021c0856a3a1eb086edd8ad
  specs:
    virus_scan_service (0.0.5)

GEM
  remote: https://rubygems.org/
  specs:

PLATFORMS
  ruby

DEPENDENCIES
  virus_scan_service!
